GEM
  remote: https://rubygems.org/
  specs:
    json (1.8.6)
    mime-types (1.25.1)
    yomu (0.2.4)
      json (~> 1.8)
      mime-types (~> 1.23)

PLATFORMS
  ruby

DEPENDENCIES
  yomu!

BUNDLED WITH
   1.15.4
